GEM
  remote: http://rubygems.org/
  specs:
    activesupport (4.1.1)
      i18n (~> 0.6, >= 0.6.9)
      json (~> 1.7, >= 1.7.7)
      minitest (~> 5.1)
      thread_safe (~> 0.1)
      tzinfo (~> 1.1)
    chronic (0.10.2)
    i18n (0.6.9)
    json (1.8.1)
    kgio (2.9.2)
    minitest (5.3.4)
    rack (1.4.5)
    raindrops (0.13.0)
    thread_safe (0.3.4)
    tzinfo (1.2.0)
      thread_safe (~> 0.1)
    unicorn (4.8.2)
      kgio (~> 2.6)
      rack
      raindrops (~> 0.7)
    whenever (0.9.2)
      activesupport (>= 2.3.4)
      chronic (>= 0.6.3)

PLATFORMS
  ruby

DEPENDENCIES
  unicorn
  whenever
